GEM
  remote: https://rubygems.org/
  specs:
    ffi (1.9.18)
    gosu (0.10.1.1)
    gosu_enhanced (0.3.5)
      gosu (~> 0.10)
    launchpad (0.3.0)
      ffi
      portmidi (>= 0.0.6)
    portmidi (0.0.6)

PLATFORMS
  ruby

DEPENDENCIES
  gosu_enhanced (~> 0.3.5)
  launchpad

BUNDLED WITH
   1.16.0
